NUGET
  remote: https://nuget.org/api/v2
  specs:
    ExtCore (0.8.45) - framework: >= net40
    Fantomas (1.7.0) - framework: >= net45
      FSharp.Compiler.Service (>= 0.0.73)
    FSharp.Compiler.CodeDom (0.9.2) - framework: >= net40
    FSharp.Compiler.Service (1.4.0.5) - framework: >= net45
    FsPickler (1.2.21)
    Microsoft.CodeAnalysis (1.0.0.0-rc2) - framework: >= net45
      Microsoft.CodeAnalysis.CSharp.Workspaces (1.0.0-rc2)
      Microsoft.CodeAnalysis.VisualBasic.Workspaces (1.0.0-rc2)
    Microsoft.CodeAnalysis.Analyzers (1.0.0-rc2)
    Microsoft.CodeAnalysis.Common (1.0.0-rc2)
      Microsoft.CodeAnalysis.Analyzers (1.0.0-rc2)
      System.Collections.Immutable (1.1.33-beta)
      System.Reflection.Metadata (1.0.18-beta)
    Microsoft.CodeAnalysis.CSharp (1.0.0-rc2)
      Microsoft.CodeAnalysis.Common (1.0.0-rc2)
    Microsoft.CodeAnalysis.CSharp.Workspaces (1.0.0-rc2)
      Microsoft.CodeAnalysis.CSharp (1.0.0-rc2)
      Microsoft.CodeAnalysis.Workspaces.Common (1.0.0-rc2)
    Microsoft.CodeAnalysis.VisualBasic (1.0.0-rc2)
      Microsoft.CodeAnalysis.Common (>= 1.0.0-rc2)
    Microsoft.CodeAnalysis.VisualBasic.Workspaces (1.0.0-rc2)
      Microsoft.CodeAnalysis.VisualBasic (1.0.0-rc2)
      Microsoft.CodeAnalysis.Workspaces.Common (1.0.0-rc2)
    Microsoft.CodeAnalysis.Workspaces.Common (1.0.0-rc2)
      Microsoft.CodeAnalysis.Common (1.0.0-rc2)
      Microsoft.Composition (>= 1.0.27)
    Microsoft.Composition (1.0.30)
    Mono.Cecil (0.9.5.4) - framework: >= net40
    NUnit (2.6.4) - framework: >= net45
    System.Collections.Immutable (1.1.33-beta)
    System.Reflection.Metadata (1.0.18-beta)
      System.Collections.Immutable (>= 1.1.33-beta)
    UnionArgParser (0.8.7)
