RESTRICTION: == net472
NUGET
  remote: https://www.nuget.org/api/v2
    ExtCore (0.8.46)
    FAKE (5.16)
    Fantomas (3.0.0-beta-002)
      FSharp.Compiler.Service (>= 30.0)
    FSharp.Compiler.CodeDom (0.9.2)
    FSharp.Compiler.Service (33.0.1)
      FSharp.Core (>= 4.6.2)
      System.Collections.Immutable (>= 1.5)
      System.Reflection.Metadata (>= 1.6)
      System.ValueTuple (>= 4.4)
    FSharp.Core (4.7)
    Mono.Cecil (0.10.0-beta6)
    Newtonsoft.Json (12.0.3)
    StrongNamer (0.2.5)
    System.Buffers (4.5)
    System.Collections.Immutable (1.7)
      System.Memory (>= 4.5.3)
    System.Memory (4.5.3)
      System.Buffers (>= 4.4)
      System.Numerics.Vectors (>= 4.4)
      System.Runtime.CompilerServices.Unsafe (>= 4.5.2)
    System.Numerics.Vectors (4.5)
    System.Reactive (4.3.1)
      System.Threading.Tasks.Extensions (>= 4.5.3)
      System.ValueTuple (>= 4.5)
    System.Reactive.Linq (4.3.1)
      System.Reactive (>= 4.3.1)
      System.Threading.Tasks.Extensions (>= 4.5.3)
    System.Reflection.Metadata (1.6)
      System.Collections.Immutable (>= 1.5)
    System.Runtime.CompilerServices.Unsafe (4.7)
    System.Threading.Tasks.Extensions (4.5.3)
      System.Runtime.CompilerServices.Unsafe (>= 4.5.2)
    System.ValueTuple (4.5)
